FRAMEWORK: >= NET451
NUGET
  remote: https://www.nuget.org/api/v2
    Appium.WebDriver (2.0.1.1)
      Castle.Core (>= 3.3.3)
      Newtonsoft.Json (>= 9.0.1)
      Selenium.Support (>= 2.53.1)
      Selenium.WebDriver (>= 2.53.1)
    canopy (1.0.5)
      FSharp.Core (>= 3.0.2)
      Selenium.WebDriver (3.0)
    Castle.Core (3.3.3)
    FSharp.Core (4.0.0.1) - redirects: force
    Newtonsoft.Json (9.0.1)
    Selenium.Support (3.0)
      Selenium.WebDriver (>= 3.0)
    Selenium.WebDriver (3.0)

GROUP Build
FRAMEWORK: >= NET451
NUGET
  remote: https://www.nuget.org/api/v2
    FAKE (4.47)
    FSharp.Compiler.Service (2.0.0.6)
    FSharp.Formatting (2.14.4)
      FSharp.Compiler.Service (2.0.0.6)
      FSharpVSPowerTools.Core (>= 2.3 < 2.4)
    FSharpVSPowerTools.Core (2.3)
      FSharp.Compiler.Service (>= 2.0.0.3)
    Octokit (0.23)
    SourceLink.Fake (1.1)
GITHUB
  remote: fsharp/FAKE
    modules/Octokit/Octokit.fsx (bcd9ebe464148b4c1aa150d3063bdefa9f5d5683)
      Octokit (>= 0.20)
GROUP Test
FRAMEWORK: >= NET451
NUGET
  remote: https://www.nuget.org/api/v2
    Argu (3.2)
    Expecto (2.0)
      Argu (>= 3.2)
      FSharp.Core (>= 3.1.2.5)
    Expecto.FsCheck (2.0)
      Expecto (>= 2.0)
      FsCheck (>= 2.6.2)
      FSharp.Core (>= 3.1.2.5)
    Expecto.PerfUtil (1.0.12)
      Expecto (>= 1.0.12)
      FSharp.Core (>= 3.1.2.5)
      PerfUtil (>= 0.1.8)
    FsCheck (2.6.2)
      FSharp.Core (>= 3.1.2.5)
    FSharp.Core (4.0.0.1) - redirects: force
    PerfUtil (0.1.8)
